PATH
  remote: .
  specs:
    goldmine (1.0.0)
      bitswitch

GEM
  remote: https://rubygems.org/
  specs:
    bitswitch (1.1.4)
    diff-lcs (1.2.5)
    rake (10.2.2)
    rspec (2.14.1)
      rspec-core (~> 2.14.0)
      rspec-expectations (~> 2.14.0)
      rspec-mocks (~> 2.14.0)
    rspec-core (2.14.8)
    rspec-expectations (2.14.5)
      diff-lcs (>= 1.1.3, < 2.0)
    rspec-mocks (2.14.6)

PLATFORMS
  ruby

DEPENDENCIES
  bundler (~> 1.3)
  goldmine!
  rake
  rspec
