PATH
  remote: .
  specs:
    gold_mine (1.0.0)
      bitswitch (~> 1.1.4)

GEM
  remote: https://rubygems.org/
  specs:
    bitswitch (1.1.4)
    diff-lcs (1.2.5)
    rspec (2.14.1)
      rspec-core (~> 2.14.0)
      rspec-expectations (~> 2.14.0)
      rspec-mocks (~> 2.14.0)
    rspec-core (2.14.8)
    rspec-expectations (2.14.5)
      diff-lcs (>= 1.1.3, < 2.0)
    rspec-mocks (2.14.6)

PLATFORMS
  ruby

DEPENDENCIES
  bundler (~> 1.3)
  gold_mine!
  rspec (~> 2.14)
